PATH
  remote: .
  specs:
    viki-api (1.1.19)
      addressable (~> 2.3)
      oj (~> 2.0)
      typhoeus (= 0.3.3)
      viki_utils (= 0.0.7)

GEM
  remote: http://rubygems.org/
  specs:
    addressable (2.3.4)
    crack (0.4.0)
      safe_yaml (~> 0.9.0)
    diff-lcs (1.2.4)
    mime-types (1.23)
    oj (2.0.14)
    rspec (2.13.0)
      rspec-core (~> 2.13.0)
      rspec-expectations (~> 2.13.0)
      rspec-mocks (~> 2.13.0)
    rspec-core (2.13.1)
    rspec-expectations (2.13.0)
      diff-lcs (>= 1.1.3, < 2.0)
    rspec-mocks (2.13.1)
    safe_yaml (0.9.3)
    timecop (0.6.1)
    typhoeus (0.3.3)
      mime-types
    viki_utils (0.0.7)
      addressable (>= 2.3)
      oj (~> 2.0.2)
    webmock (1.8.6)
      addressable (>= 2.2.7)
      crack (>= 0.1.7)

PLATFORMS
  ruby

DEPENDENCIES
  rspec (~> 2.11)
  timecop (~> 0.5)
  viki-api!
  viki_utils
  webmock (= 1.8.6)
