PATH
  remote: .
  specs:
    viki-api (1.4.7)
      addressable (~> 2.3)
      oj (~> 2.0)
      typhoeus (~> 0.6.3)
      viki_utils (= 0.0.7)

GEM
  remote: http://rubygems.org/
  specs:
    addressable (2.3.5)
    crack (0.4.1)
      safe_yaml (~> 0.9.0)
    diff-lcs (1.2.4)
    ethon (0.5.12)
      ffi (>= 1.3.0)
      mime-types (~> 1.18)
    ffi (1.9.0)
    mime-types (1.23)
    oj (2.0.14)
    rspec (2.13.0)
      rspec-core (~> 2.13.0)
      rspec-expectations (~> 2.13.0)
      rspec-mocks (~> 2.13.0)
    rspec-core (2.13.1)
    rspec-expectations (2.13.0)
      diff-lcs (>= 1.1.3, < 2.0)
    rspec-mocks (2.13.1)
    safe_yaml (0.9.4)
    timecop (0.6.2.2)
    typhoeus (0.6.3)
      ethon (~> 0.5.11)
    viki_utils (0.0.7)
      addressable (>= 2.3)
      oj (~> 2.0.2)
    webmock (1.12.3)
      addressable (>= 2.2.7)
      crack (>= 0.3.2)

PLATFORMS
  ruby

DEPENDENCIES
  rspec (= 2.13.0)
  timecop (~> 0.5)
  viki-api!
  viki_utils
  webmock (~> 1.12.3)
