PATH
  remote: .
  specs:
    viki-api (0.0.64)
      addressable (~> 2.3)
      oj (~> 2.0)
      typhoeus (= 0.3.3)
      viki_utils

GEM
  remote: http://rubygems.org/
  specs:
    addressable (2.3.3)
    crack (0.3.2)
    diff-lcs (1.1.3)
    mime-types (1.22)
    oj (2.0.10)
    rspec (2.12.0)
      rspec-core (~> 2.12.0)
      rspec-expectations (~> 2.12.0)
      rspec-mocks (~> 2.12.0)
    rspec-core (2.12.2)
    rspec-expectations (2.12.1)
      diff-lcs (~> 1.1.3)
    rspec-mocks (2.12.2)
    timecop (0.5.9.1)
    typhoeus (0.3.3)
      mime-types
    viki_utils (0.0.7)
      addressable (>= 2.3)
      oj (~> 2.0.2)
    webmock (1.8.6)
      addressable (>= 2.2.7)
      crack (>= 0.1.7)

PLATFORMS
  ruby

DEPENDENCIES
  rspec (~> 2.11)
  timecop (~> 0.5)
  viki-api!
  viki_utils
  webmock (= 1.8.6)
