PATH
  remote: .
  specs:
    viki-api (1.8.7)
      addressable (>= 2.3)
      ethon (= 0.6.0)
      oj (>= 2.0)
      typhoeus (= 0.6.4)
      viki_utils (= 0.0.8)

GEM
  remote: https://rubygems.org/
  specs:
    addressable (2.3.5)
    crack (0.4.1)
      safe_yaml (~> 0.9.0)
    diff-lcs (1.2.4)
    ethon (0.6.0)
      ffi (>= 1.3.0)
      mime-types (~> 1.18)
    ffi (1.9.3)
    mime-types (1.25.1)
    oj (2.9.0)
    rspec (2.13.0)
      rspec-core (~> 2.13.0)
      rspec-expectations (~> 2.13.0)
      rspec-mocks (~> 2.13.0)
    rspec-core (2.13.1)
    rspec-expectations (2.13.0)
      diff-lcs (>= 1.1.3, < 2.0)
    rspec-mocks (2.13.1)
    safe_yaml (0.9.5)
    timecop (0.6.3)
    typhoeus (0.6.4)
      ethon (~> 0.6.0)
    viki_utils (0.0.8)
      addressable (>= 2.3)
      oj (>= 2.0.2)
    webmock (1.12.3)
      addressable (>= 2.2.7)
      crack (>= 0.3.2)

PLATFORMS
  ruby

DEPENDENCIES
  rspec (= 2.13.0)
  timecop (~> 0.5)
  viki-api!
  webmock (~> 1.12.3)
