PATH
  remote: .
  specs:
    viki-api (0.0.39)
      addressable (~> 2.3)
      oj (~> 2.0)
      typhoeus (~> 0.5)
      viki_utils

GEM
  remote: http://rubygems.org/
  specs:
    addressable (2.3.2)
    crack (0.3.2)
    diff-lcs (1.1.3)
    ethon (0.5.9)
      ffi (~> 1.2.0)
      mime-types (~> 1.18)
    ffi (1.2.1)
    mime-types (1.21)
    oj (2.0.3)
    rspec (2.12.0)
      rspec-core (~> 2.12.0)
      rspec-expectations (~> 2.12.0)
      rspec-mocks (~> 2.12.0)
    rspec-core (2.12.2)
    rspec-expectations (2.12.1)
      diff-lcs (~> 1.1.3)
    rspec-mocks (2.12.2)
    timecop (0.5.9.1)
    typhoeus (0.6.1)
      ethon (~> 0.5.9)
    viki_utils (0.0.4)
      addressable (>= 2.3)
      oj (~> 2.0.2)
    webmock (1.9.0)
      addressable (>= 2.2.7)
      crack (>= 0.1.7)

PLATFORMS
  ruby

DEPENDENCIES
  rspec (~> 2.11)
  timecop (~> 0.5)
  viki-api!
  viki_utils
  webmock (~> 1.9)
